GEM
  remote: http://rubygems.org/
  specs:
    chronic (0.6.7)
    coderay (1.0.8)
    diff-lcs (1.1.3)
    highline (1.6.11)
    method_source (0.8.1)
    pry (0.9.11.4)
      coderay (~> 1.0.5)
      method_source (~> 0.8)
      slop (~> 3.4)
    rspec (2.12.0)
      rspec-core (~> 2.12.0)
      rspec-expectations (~> 2.12.0)
      rspec-mocks (~> 2.12.0)
    rspec-core (2.12.2)
    rspec-expectations (2.12.1)
      diff-lcs (~> 1.1.3)
    rspec-mocks (2.12.1)
    slop (3.4.3)

PLATFORMS
  ruby

DEPENDENCIES
  chronic (~> 0.6.7)
  highline (~> 1.6.11)
  pry
  rspec (~> 2.12)
